GEM
  remote: http://rubygems.org/
  specs:
    diff-lcs (1.1.3)
    erics_tic_tac_toe (0.5.2)
    limelight (0.6.19-java)
    rspec (2.11.0)
      rspec-core (~> 2.11.0)
      rspec-expectations (~> 2.11.0)
      rspec-mocks (~> 2.11.0)
    rspec-core (2.11.1)
    rspec-expectations (2.11.2)
      diff-lcs (~> 1.1.3)
    rspec-mocks (2.11.2)

PLATFORMS
  java

DEPENDENCIES
  erics_tic_tac_toe
  limelight
  rspec (~> 2.0)
